GIT
  remote: https://github.com/infinitered/ruby-xcdm
  revision: 43bc299f1da38091c91f09d4c33ec14d222563a4
  specs:
    ruby-xcdm (0.0.11)
      activesupport (~> 4.1)
      builder (~> 3.2)
      plist (~> 3.1)

GEM
  remote: http://rubygems.org/
  remote: http://gems.github.com/
  specs:
    CFPropertyList (3.0.0)
    ProMotion (2.6.1)
      methadone (~> 1.7)
      motion_print (~> 1.0)
    activesupport (4.2.10)
      i18n (~> 0.7)
      minitest (~> 5.1)
      thread_safe (~> 0.3, >= 0.3.4)
      tzinfo (~> 1.1)
    afmotion (2.6)
      motion-cocoapods (>= 1.4.1)
      motion-require (>= 0.1)
    atomos (0.1.3)
    bubble-wrap (1.9.6)
    builder (3.2.3)
    claide (1.0.2)
    cocoapods (1.5.3)
      activesupport (>= 4.0.2, < 5)
      claide (>= 1.0.2, < 2.0)
      cocoapods-core (= 1.5.3)
      cocoapods-deintegrate (>= 1.0.2, < 2.0)
      cocoapods-downloader (>= 1.2.0, < 2.0)
      cocoapods-plugins (>= 1.0.0, < 2.0)
      cocoapods-search (>= 1.0.0, < 2.0)
      cocoapods-stats (>= 1.0.0, < 2.0)
      cocoapods-trunk (>= 1.3.0, < 2.0)
      cocoapods-try (>= 1.1.0, < 2.0)
      colored2 (~> 3.1)
      escape (~> 0.0.4)
      fourflusher (~> 2.0.1)
      gh_inspector (~> 1.0)
      molinillo (~> 0.6.5)
      nap (~> 1.0)
      ruby-macho (~> 1.1)
      xcodeproj (>= 1.5.7, < 2.0)
    cocoapods-core (1.5.3)
      activesupport (>= 4.0.2, < 6)
      fuzzy_match (~> 2.0.4)
      nap (~> 1.0)
    cocoapods-deintegrate (1.0.2)
    cocoapods-downloader (1.2.2)
    cocoapods-plugins (1.0.0)
      nap
    cocoapods-search (1.0.0)
    cocoapods-stats (1.0.0)
    cocoapods-trunk (1.3.1)
      nap (>= 0.8, < 2.0)
      netrc (~> 0.11)
    cocoapods-try (1.1.0)
    coderay (1.1.2)
    colored2 (3.1.2)
    concurrent-ruby (1.0.5)
    dbt (1.2.0)
    escape (0.0.4)
    ffi (1.9.25)
    formatador (0.2.5)
    fourflusher (2.0.1)
    fuzzy_match (2.0.4)
    gh_inspector (1.1.3)
    guard (2.14.2)
      formatador (>= 0.2.4)
      listen (>= 2.7, < 4.0)
      lumberjack (>= 1.0.12, < 2.0)
      nenv (~> 0.1)
      notiffany (~> 0.0)
      pry (>= 0.9.12)
      shellany (~> 0.0)
      thor (>= 0.18.1)
    guard-motion (0.1.2)
      guard (>= 1.1.0)
      rake (>= 0.9)
    i18n (0.9.5)
      concurrent-ruby (~> 1.0)
    listen (3.1.5)
      rb-fsevent (~> 0.9, >= 0.9.4)
      rb-inotify (~> 0.9, >= 0.9.7)
      ruby_dep (~> 1.2)
    lumberjack (1.0.13)
    methadone (1.9.5)
      bundler
    method_source (0.9.0)
    minitest (5.11.3)
    molinillo (0.6.6)
    motion-asyncx (0.0.2)
    motion-cocoapods (1.9.1)
      cocoapods (>= 1.0.0)
    motion-fabric (0.7)
      motion-cocoapods (~> 1.8)
    motion-kit (1.1.1)
      dbt (~> 1.1, >= 1.1.5)
    motion-redgreen (1.0.0)
    motion-require (0.2.0)
    motion-stump (0.3.2)
    motion_print (1.2.0)
    nanaimo (0.2.6)
    nap (1.1.0)
    nenv (0.3.0)
    netrc (0.11.0)
    notiffany (0.1.1)
      nenv (~> 0.1)
      shellany (~> 0.0)
    plist (3.4.0)
    pry (0.11.3)
      coderay (~> 1.1.0)
      method_source (~> 0.9.0)
    rake (12.3.1)
    rb-fsevent (0.10.3)
    rb-inotify (0.9.10)
      ffi (>= 0.5.0, < 2)
    ruby-macho (1.3.1)
    ruby_dep (1.5.0)
    shellany (0.0.1)
    sugarcube (3.4.2)
    thor (0.20.0)
    thread_safe (0.3.6)
    tzinfo (1.2.5)
      thread_safe (~> 0.1)
    webstub (1.1.6)
    xcodeproj (1.7.0)
      CFPropertyList (>= 2.3.3, < 4.0)
      atomos (~> 0.1.3)
      claide (>= 1.0.2, < 2.0)
      colored2 (~> 3.1)
      nanaimo (~> 0.2.6)

PLATFORMS
  ruby

DEPENDENCIES
  ProMotion (= 2.6.1)
  afmotion (= 2.6)
  bubble-wrap (= 1.9.6)
  cocoapods (= 1.5.3)
  guard-motion (= 0.1.2)
  motion-asyncx (= 0.0.2)
  motion-cocoapods (= 1.9.1)
  motion-fabric (= 0.7)
  motion-kit (= 1.1.1)
  motion-redgreen (= 1.0.0)
  motion-stump (= 0.3.2)
  motion_print (= 1.2.0)
  rake (= 12.3.1)
  ruby-xcdm!
  sugarcube (= 3.4.2)
  webstub (= 1.1.6)

BUNDLED WITH
   1.16.6
